GEM
  remote: http://rubygems.org/
  specs:
    haml (3.0.25)
    kgio (2.1.1)
    rack (1.2.1)
    sinatra (1.1.2)
      rack (~> 1.1)
      tilt (~> 1.2)
    swift (0.7.2)
    tilt (1.2.1)
    unicorn (3.2.1)
      kgio (~> 2.1)
      rack

PLATFORMS
  ruby

DEPENDENCIES
  haml
  rack
  sinatra
  swift
  unicorn
