GIT
  remote: https://github.com/deepfryed/swift-more.git
  revision: cece0d3023a64e280da1624d19b734edd911c709
  specs:
    swift-more (0.1.2)

GEM
  remote: http://rubygems.org/
  specs:
    haml (3.0.25)
    kgio (2.1.1)
    rack (1.2.1)
    sinatra (1.1.2)
      rack (~> 1.1)
      tilt (~> 1.2)
    swift (0.7.2)
    tilt (1.2.1)
    unicorn (3.2.1)
      kgio (~> 2.1)
      rack

PLATFORMS
  ruby

DEPENDENCIES
  haml
  rack
  sinatra
  swift
  swift-more!
  unicorn
